GEM
  remote: https://rubygems.org/
  specs:
    ProMotion (0.5.2)
    geomotion (0.10.0)
    rubymotion_generators (0.1.0)
      thor (~> 0.15)
    sugarcube (0.20.7)
    thor (0.18.1)

PLATFORMS
  ruby

DEPENDENCIES
  ProMotion
  geomotion
  rubymotion_generators
  sugarcube
